GIT
  remote: git://github.com/sinatra/sinatra.git
  revision: 0827bf9eb51562c67aaa5a587cc20e475525a1b5
  specs:
    sinatra (1.4.6)
      rack (~> 1.5, >= 1.5.4, < 1.6)
      rack-protection (~> 1.4)
      tilt (>= 1.3, < 3)

GEM
  remote: https://rubygems.org/
  specs:
    capybara (2.5.0)
      mime-types (>= 1.16)
      nokogiri (>= 1.3.3)
      rack (>= 1.0.0)
      rack-test (>= 0.5.4)
      xpath (~> 2.0)
    capybara_minitest_spec (1.0.5)
      capybara (>= 2)
      minitest (>= 4)
    haml (4.0.7)
      tilt
    mime-types (2.6.1)
    mini_portile (0.6.2)
    minitest (5.8.0)
    nokogiri (1.6.6.2)
      mini_portile (~> 0.6.0)
    rack (1.5.5)
    rack-protection (1.5.3)
      rack
    rack-test (0.6.3)
      rack (>= 1.0)
    tilt (2.0.1)
    xmpp4r (0.5.6)
    xpath (2.0.0)
      nokogiri (~> 1.3)

PLATFORMS
  ruby

DEPENDENCIES
  capybara
  capybara_minitest_spec
  haml
  minitest
  sinatra!
  xmpp4r

BUNDLED WITH
   1.10.6
